GEM
  remote: https://rubygems.org/
  specs:
    CFPropertyList (2.2.8)
    diff-lcs (1.2.5)
    facets (3.0.0)
    facter (2.4.4)
      CFPropertyList (~> 2.2.6)
    hiera (1.3.4)
      json_pure
    json_pure (1.8.2)
    metaclass (0.0.4)
    mocha (1.1.0)
      metaclass (~> 0.0.1)
    multi_json (1.11.2)
    net-scp (1.2.1)
      net-ssh (>= 2.6.5)
    net-ssh (2.9.2)
    net-telnet (0.1.1)
    puppet (3.8.2)
      facter (> 1.6, < 3)
      hiera (~> 1.0)
      json_pure
    puppet-lint (1.1.0)
    puppet-syntax (2.0.0)
      rake
    puppetlabs_spec_helper (0.10.3)
      mocha
      puppet-lint
      puppet-syntax
      rake
      rspec-puppet
    rake (10.4.2)
    rspec (3.3.0)
      rspec-core (~> 3.3.0)
      rspec-expectations (~> 3.3.0)
      rspec-mocks (~> 3.3.0)
    rspec-core (3.3.2)
      rspec-support (~> 3.3.0)
    rspec-expectations (3.3.1)
      diff-lcs (>= 1.2.0, < 2.0)
      rspec-support (~> 3.3.0)
    rspec-its (1.2.0)
      rspec-core (>= 3.0.0)
      rspec-expectations (>= 3.0.0)
    rspec-mocks (3.3.2)
      diff-lcs (>= 1.2.0, < 2.0)
      rspec-support (~> 3.3.0)
    rspec-puppet (2.2.0)
      rspec
    rspec-support (3.3.0)
    serverspec (2.21.1)
      multi_json
      rspec (~> 3.0)
      rspec-its
      specinfra (~> 2.38)
    sfl (2.2)
    specinfra (2.41.1)
      net-scp
      net-ssh (~> 2.7)
      net-telnet
      sfl

PLATFORMS
  ruby

DEPENDENCIES
  facets
  facter (>= 1.7.0)
  puppet (>= 2.7, < 4.0)
  puppet-lint (>= 0.3.2)
  puppetlabs_spec_helper (>= 0.1.0)
  serverspec
